GEM
  remote: http://rubygems.org/
  specs:
    activesupport (3.2.12)
      i18n (~> 0.6)
      multi_json (~> 1.0)
    i18n (0.6.2)
    multi_json (1.6.1)
    nokogiri (1.5.6)

PLATFORMS
  ruby

DEPENDENCIES
  activesupport
  nokogiri
